PATH
  remote: .
  specs:
    b2 (0.1.0)
      httparty (>= 0.18, < 0.22)

GEM
  remote: https://rubygems.org/
  specs:
    ast (2.4.0)
    coderay (1.1.3)
    httparty (0.21.0)
      mini_mime (>= 1.0.0)
      multi_xml (>= 0.5.2)
    jaro_winkler (1.5.4)
    json (1.8.6)
    method_source (0.9.2)
    mini_mime (1.1.2)
    minitest (5.14.4)
    multi_xml (0.6.0)
    parallel (1.19.2)
    parser (2.7.1.1)
      ast (~> 2.4.0)
    pry (0.12.2)
      coderay (~> 1.1.0)
      method_source (~> 0.9.0)
    rainbow (3.1.1)
    rake (12.3.3)
    rdoc (3.12.2)
      json (~> 1.4)
    rexml (3.2.5)
    rubocop (0.81.0)
      jaro_winkler (~> 1.5.1)
      parallel (~> 1.10)
      parser (>= 2.7.0.1)
      rainbow (>= 2.2.2, < 4.0)
      rexml
      ruby-progressbar (~> 1.7)
      unicode-display_width (>= 1.4.0, < 2.0)
    ruby-progressbar (1.10.1)
    unicode-display_width (1.7.0)

PLATFORMS
  ruby

DEPENDENCIES
  b2!
  minitest (~> 5.14.0)
  pry (~> 0.12.2)
  rake (~> 12.0)
  rdoc (~> 3.12.2)
  rubocop

BUNDLED WITH
   2.1.4
